GEM
  remote: https://rubygems.org/
  specs:
    html_ina (0.1.3)

PLATFORMS
  x86_64-darwin-19

DEPENDENCIES
  html_ina

RUBY VERSION
   ruby 3.1.2p20

BUNDLED WITH
   2.3.22
